GEM
  remote: https://rubygems.org/
  specs:
    dropbox-sdk (1.6.4)
      json
    guid (0.1.1)
    json (1.8.1)
    redcarpet (3.1.2)

PLATFORMS
  ruby

DEPENDENCIES
  dropbox-sdk
  guid
  redcarpet
